GEM
  remote: http://rubygems.org/
  specs:
    faraday (0.8.2)
      multipart-post (~> 1.1)
    foreman (0.53.0)
      thor (>= 0.13.6)
    hashie (1.2.0)
    kgio (2.7.4)
    multi_json (1.3.6)
    multipart-post (1.1.5)
    oauth (0.4.6)
    omniauth (1.1.0)
      hashie (~> 1.2)
      rack
    omniauth-oauth (1.0.1)
      oauth
      omniauth (~> 1.0)
    omniauth-twitter (0.0.12)
      multi_json (~> 1.3)
      omniauth-oauth (~> 1.0)
    rack (1.3.6)
    rack-protection (1.2.0)
      rack
    raindrops (0.10.0)
    simple_oauth (0.1.9)
    sinatra (1.3.2)
      rack (~> 1.3, >= 1.3.6)
      rack-protection (~> 1.2)
      tilt (~> 1.3, >= 1.3.3)
    thor (0.16.0)
    tilt (1.3.3)
    twitter (3.5.0)
      faraday (~> 0.8)
      multi_json (~> 1.3)
      simple_oauth (~> 0.1.6)
    unicorn (4.3.1)
      kgio (~> 2.6)
      rack
      raindrops (~> 0.7)

PLATFORMS
  ruby

DEPENDENCIES
  foreman
  omniauth
  omniauth-twitter
  rack (~> 1.3.0)
  sinatra
  twitter
  unicorn
